GENERATE-LOAD-SCRIPTS: ON
STORAGE: NONE
RESTRICTION: == net5.0
NUGET
  remote: https://api.nuget.org/v3/index.json
    DnsClient (1.5)
      Microsoft.Win32.Registry (>= 5.0)
    FSharp.Control.Websockets (0.2.2)
      FSharp.Core (>= 4.3.4)
      Microsoft.IO.RecyclableMemoryStream (>= 1.2.2)
    FSharp.Core (6.0.1) - redirects: force
    Giraffe (5.0)
      FSharp.Core (>= 5.0)
      Giraffe.ViewEngine (>= 1.3)
      Microsoft.IO.RecyclableMemoryStream (>= 1.3.6)
      Newtonsoft.Json (>= 12.0.3)
      Ply (>= 0.3.1)
      System.Text.Json (>= 5.0.2)
      Utf8Json (>= 1.3.7)
    Giraffe.ViewEngine (1.4)
      FSharp.Core (>= 5.0)
    Microsoft.AspNetCore.Authentication.JwtBearer (5.0.11)
      Microsoft.IdentityModel.Protocols.OpenIdConnect (>= 6.7.1)
    Microsoft.CSharp (4.7)
    Microsoft.IdentityModel.JsonWebTokens (6.14)
      Microsoft.IdentityModel.Tokens (>= 6.14)
    Microsoft.IdentityModel.Logging (6.14)
    Microsoft.IdentityModel.Protocols (6.14)
      Microsoft.IdentityModel.Logging (>= 6.14)
      Microsoft.IdentityModel.Tokens (>= 6.14)
    Microsoft.IdentityModel.Protocols.OpenIdConnect (6.14)
      Microsoft.IdentityModel.Protocols (>= 6.14)
      System.IdentityModel.Tokens.Jwt (>= 6.14)
    Microsoft.IdentityModel.Tokens (6.14)
      Microsoft.CSharp (>= 4.5)
      Microsoft.IdentityModel.Logging (>= 6.14)
      System.Security.Cryptography.Cng (>= 4.5)
    Microsoft.IO.RecyclableMemoryStream (2.2)
    Microsoft.NETCore.Platforms (5.0.4)
    Microsoft.Win32.Registry (5.0)
      System.Security.AccessControl (>= 5.0)
      System.Security.Principal.Windows (>= 5.0)
    MongoDB.Bson (2.13.2)
      System.Runtime.CompilerServices.Unsafe (>= 5.0)
    MongoDB.Driver (2.13.2)
      MongoDB.Bson (>= 2.13.2)
      MongoDB.Driver.Core (>= 2.13.2)
      MongoDB.Libmongocrypt (>= 1.2.2)
    MongoDB.Driver.Core (2.13.2)
      DnsClient (>= 1.4)
      MongoDB.Bson (>= 2.13.2)
      MongoDB.Libmongocrypt (>= 1.2.2)
      SharpCompress (>= 0.23)
      System.Buffers (>= 4.5.1)
    MongoDB.Libmongocrypt (1.2.3)
    NETStandard.Library (2.0.3)
      Microsoft.NETCore.Platforms (>= 1.1)
    Newtonsoft.Json (13.0.1)
    NodaTime (3.0.9)
      System.Runtime.CompilerServices.Unsafe (>= 4.7.1)
    Ply (0.3.1)
      FSharp.Core (>= 4.6.2)
      System.Threading.Tasks.Extensions (>= 4.5.4)
    Saturn (0.15)
      FSharp.Control.Websockets (>= 0.2.2)
      FSharp.Core (>= 5.0.1)
      Giraffe (>= 5.0)
      Microsoft.AspNetCore.Authentication.JwtBearer (>= 5.0.7)
    SharpCompress (0.30)
    System.Buffers (4.5.1)
    System.Formats.Asn1 (5.0)
    System.IdentityModel.Tokens.Jwt (6.14)
      Microsoft.IdentityModel.JsonWebTokens (>= 6.14)
      Microsoft.IdentityModel.Tokens (>= 6.14)
    System.Reflection.Emit (4.7)
    System.Reflection.Emit.Lightweight (4.7)
    System.Runtime.CompilerServices.Unsafe (5.0)
    System.Security.AccessControl (5.0)
      Microsoft.NETCore.Platforms (>= 5.0)
      System.Security.Principal.Windows (>= 5.0)
    System.Security.Cryptography.Cng (5.0)
      System.Formats.Asn1 (>= 5.0)
    System.Security.Principal.Windows (5.0)
    System.Text.Json (5.0.2)
    System.Threading.Tasks.Extensions (4.5.4)
    System.ValueTuple (4.5)
    TaskBuilder.fs (2.1)
      FSharp.Core (>= 4.1.17)
      NETStandard.Library (>= 1.6.1)
      System.ValueTuple (>= 4.4)
    Utf8Json (1.3.7)
      System.Reflection.Emit (>= 4.3)
      System.Reflection.Emit.Lightweight (>= 4.3)
      System.Threading.Tasks.Extensions (>= 4.4)
      System.ValueTuple (>= 4.4)

GROUP Test
GENERATE-LOAD-SCRIPTS: ON
RESTRICTION: == net5.0
NUGET
  remote: https://api.nuget.org/v3/index.json
    Expecto (9.0.4)
      FSharp.Core (>= 4.6)
      Mono.Cecil (>= 0.11.3)
    Expecto.FsCheck (9.0.4)
      Expecto (>= 9.0.4)
      FsCheck (>= 2.14.3)
    FsCheck (2.16.3)
      FSharp.Core (>= 4.2.3)
    FSharp.Core (6.0.1) - redirects: force
    Microsoft.CodeCoverage (17.0)
    Microsoft.NET.Test.Sdk (17.0)
      Microsoft.CodeCoverage (>= 17.0)
      Microsoft.TestPlatform.TestHost (>= 17.0)
    Microsoft.TestPlatform.ObjectModel (17.0)
      NuGet.Frameworks (>= 5.0)
      System.Reflection.Metadata (>= 1.6)
    Microsoft.TestPlatform.TestHost (17.0)
      Microsoft.TestPlatform.ObjectModel (>= 17.0)
      Newtonsoft.Json (>= 9.0.1)
    Mono.Cecil (0.11.4)
    Newtonsoft.Json (13.0.1)
    NuGet.Frameworks (5.11)
    System.Collections.Immutable (5.0)
    System.Reflection.Metadata (5.0)
    YoloDev.Expecto.TestSdk (0.12.12)
      Expecto (>= 9.0 < 10.0)
      FSharp.Core (>= 4.6)
      System.Collections.Immutable (>= 1.5)
